PATH
  remote: .
  specs:
    ffi_libarchive_preload (3.5.2)
      ffi (~> 1)
      rake (>= 10)

GEM
  remote: https://rubygems.org/
  specs:
    ffi (1.13.1)
    ffi-libarchive (1.0.4)
      ffi (~> 1.0)
    minitest (5.14.1)
    rake (13.0.1)

PLATFORMS
  ruby

DEPENDENCIES
  bundler (~> 2.2.10)
  ffi-libarchive (~> 1.0)
  ffi_libarchive_preload!
  minitest (~> 5.0)

BUNDLED WITH
   2.2.25
