PATH
  remote: .
  specs:
    ffi_libarchive_preload (3.4.3)
      ffi (~> 1)
      rake (>= 10)

GEM
  remote: https://rubygems.org/
  specs:
    ffi (1.13.1)
    ffi_libarchive (1.1.1)
      ffi (~> 1.0)
    minitest (5.14.1)
    rake (13.0.1)

PLATFORMS
  ruby

DEPENDENCIES
  bundler (~> 1.17)
  ffi_libarchive (~> 1.1)
  ffi_libarchive_preload!
  minitest (~> 5.0)

BUNDLED WITH
   1.17.2
